PATH
  remote: .
  specs:
    xiami_cloner (0.0.3)
      ZenTest
      image_science
      main
      nokogiri
      ruby-pinyin
      taglib-ruby

GEM
  remote: http://rubygems.org/
  specs:
    RubyInline (3.12.2)
      ZenTest (~> 4.3)
    ZenTest (4.9.5)
    arrayfields (4.9.0)
    chronic (0.10.2)
    fattr (2.2.1)
    image_science (1.2.6)
      RubyInline (~> 3.9)
    main (5.2.0)
      arrayfields (>= 4.7.4)
      chronic (>= 0.6.2)
      fattr (>= 2.2.0)
      map (>= 5.1.0)
    map (6.5.2)
    mini_portile (0.5.2)
    nokogiri (1.6.1)
      mini_portile (~> 0.5.0)
    rake (10.1.0)
    rmmseg-cpp (0.2.9)
    ruby-pinyin (0.4.0)
      rmmseg-cpp (~> 0.2.9)
    taglib-ruby (0.6.0)

PLATFORMS
  ruby

DEPENDENCIES
  bundler (~> 1.3)
  rake
  xiami_cloner!
